GEM
  remote: https://rubygems.org/
  specs:
    bson (1.11.1)
    bson_ext (1.11.1)
      bson (~> 1.11.1)
    diff-lcs (1.2.5)
    mongo (1.11.1)
      bson (= 1.11.1)
    mongodb (2.1.0)
      mongo (~> 1.5)
    mongodb_model (2.1.2)
      mongodb
      ruby_ext
      validatable2
    rack (1.5.2)
    rack-protection (1.5.3)
      rack
    rack-test (0.6.2)
      rack (>= 1.0)
    rake (10.3.2)
    rspec (3.1.0)
      rspec-core (~> 3.1.0)
      rspec-expectations (~> 3.1.0)
      rspec-mocks (~> 3.1.0)
    rspec-core (3.1.7)
      rspec-support (~> 3.1.0)
    rspec-expectations (3.1.2)
      diff-lcs (>= 1.2.0, < 2.0)
      rspec-support (~> 3.1.0)
    rspec-mocks (3.1.3)
      rspec-support (~> 3.1.0)
    rspec-support (3.1.2)
    ruby_ext (4.0.3)
    sinatra (1.4.5)
      rack (~> 1.4)
      rack-protection (~> 1.4)
      tilt (~> 1.3, >= 1.3.4)
    tilt (1.4.1)
    validatable2 (0.0.14)

PLATFORMS
  ruby

DEPENDENCIES
  bson_ext (~> 1.8)
  mongodb_model (~> 2.1)
  rack-test (~> 0.6)
  rake (~> 10.0)
  rspec
  sinatra (~> 1.4)
